PATH
  remote: .
  specs:
    xss_terminate (0.1)

GEM
  remote: http://rubygems.org/
  specs:
    chardet (0.9.0)
    diff-lcs (1.1.3)
    hoe (3.0.6)
      rake (~> 0.8)
    html5 (0.10.0)
      chardet (>= 0.9.0)
      hoe (>= 1.2.0)
    rake (0.9.2.2)
    rspec (2.10.0)
      rspec-core (~> 2.10.0)
      rspec-expectations (~> 2.10.0)
      rspec-mocks (~> 2.10.0)
    rspec-core (2.10.0)
    rspec-expectations (2.10.0)
      diff-lcs (~> 1.1.3)
    rspec-mocks (2.10.1)

PLATFORMS
  ruby

DEPENDENCIES
  html5 (~> 0.10.0)
  rake
  rspec (= 2.10.0)
  xss_terminate!
